GEM
  remote: https://rubygems.org/
  remote: https://BnrJb6FZyzspBboNJzYZ@gem.fury.io/govuk/
  specs:
    sass (3.2.12)

PLATFORMS
  ruby

DEPENDENCIES
  sass (= 3.2.12)
